GIT
  remote: https://github.com/nabeelamjad/poke-api.git
  revision: 68af9884ebc6e18d3b1e85d86a136189b34ca718
  specs:
    poke-api (0.0.4)
      geocoder (= 1.3.7)
      google-protobuf (~> 3.0.0.alpha)
      gpsoauth-rb (= 0.1.2)
      httpclient (= 2.8.0)

GEM
  remote: https://rubygems.org/
  specs:
    dotenv (2.1.1)
    geocoder (1.3.7)
    google-protobuf (3.0.0.alpha.5.0.5.1)
    gpsoauth-rb (0.1.2)
      httparty (~> 0.14)
    httparty (0.14.0)
      multi_xml (>= 0.5.2)
    httpclient (2.8.0)
    multi_xml (0.5.5)
    rack (1.6.4)
    rack-protection (1.5.3)
      rack
    sinatra (1.4.7)
      rack (~> 1.5)
      rack-protection (~> 1.4)
      tilt (>= 1.3, < 3)
    tilt (2.0.5)

PLATFORMS
  ruby

DEPENDENCIES
  dotenv
  poke-api!
  sinatra

BUNDLED WITH
   1.12.5
